GEM
  remote: https://rubygems.org/
  specs:
    ast (2.3.0)
    colored (1.2)
    io-console (0.4.5)
    minitest (5.9.1)
    parser (2.3.3.1)
      ast (~> 2.2)
    powerpack (0.1.1)
    press_any_key (0.0.1)
      io-console (~> 0.4.2)
    rainbow (2.1.0)
    rake (11.2.2)
    rubocop (0.46.0)
      parser (>= 2.3.1.1, < 3.0)
      powerpack (~> 0.1)
      rainbow (>= 1.99.1, < 3.0)
      ruby-progressbar (~> 1.7)
      unicode-display_width (~> 1.0, >= 1.0.1)
    ruby-progressbar (1.8.1)
    terminal-table (1.7.3)
      unicode-display_width (~> 1.1.1)
    unicode-display_width (1.1.2)

PLATFORMS
  ruby

DEPENDENCIES
  colored
  minitest
  press_any_key
  rake
  rubocop
  terminal-table

BUNDLED WITH
   1.13.6
